GEM
  remote: https://rubygems.org/
  specs:
    byebug (11.0.1)
    mini_portile2 (2.8.0)
    nokogiri (1.13.6)
      mini_portile2 (~> 2.8.0)
      racc (~> 1.4)
    racc (1.6.0)

PLATFORMS
  ruby

DEPENDENCIES
  byebug
  nokogiri

BUNDLED WITH
   2.0.1
