GEM
  remote: https://rubygems.org/
  specs:
    byebug (11.0.1)
    mini_portile2 (2.6.1)
    nokogiri (1.12.5)
      mini_portile2 (~> 2.6.1)
      racc (~> 1.4)
    racc (1.5.2)

PLATFORMS
  ruby

DEPENDENCIES
  byebug
  nokogiri

BUNDLED WITH
   2.0.1
